GEM
  remote: http://rubygems.org/
  remote: http://rubygems.org/
  specs:
    ffi (1.1.5)
    net-ldap (0.2.2)
    net-ping (1.5.3)
      ffi (>= 1.0.0)
      net-ldap (~> 0.2.2)
    netaddr (1.5.0)
    redis (3.0.2)

PLATFORMS
  ruby

DEPENDENCIES
  net-ping
  netaddr
  redis
